PATH
  remote: .
  specs:
    bootstrap-cf-plugin (0.0.1)
      admin-cf-plugin (~> 1.0)
      bosh_cli_plugin_aws (~> 1.5.0.pre.3)
      cf (~> 1.0)
      haddock

GEM
  remote: https://rubygems.org/
  remote: https://s3.amazonaws.com/bosh-jenkins-gems/
  specs:
    addressable (2.3.4)
    admin-cf-plugin (1.0.0)
      cfoundry (>= 1.0.0, < 1.1)
    agent_client (1.5.0.pre.667)
      httpclient (= 2.2.4)
      yajl-ruby (~> 1.1.0)
    archive-tar-minitar (0.5.2)
    aws-sdk (1.8.5)
      json (~> 1.4)
      nokogiri (>= 1.4.4)
      uuidtools (~> 2.1)
    blobstore_client (1.5.0.pre.667)
      aws-sdk (= 1.8.5)
      bosh_common (~> 1.5.0.pre.667)
      fog (~> 1.11.1)
      httpclient (= 2.2.4)
      multi_json (~> 1.1)
      ruby-atmos-pure (~> 1.0.5)
    bosh_aws_cpi (1.5.0.pre.667)
      aws-sdk (= 1.8.5)
      bosh_common (~> 1.5.0.pre.667)
      bosh_cpi (~> 1.5.0.pre.667)
      bosh_registry (~> 1.5.0.pre.667)
      httpclient (= 2.2.4)
      yajl-ruby (>= 0.8.2)
    bosh_cli (1.5.0.pre.667)
      archive-tar-minitar (~> 0.5)
      blobstore_client (~> 1.5.0.pre.667)
      bosh_common (~> 1.5.0.pre.667)
      highline (~> 1.6.2)
      httpclient (= 2.2.4)
      json_pure (~> 1.7.6)
      net-scp (~> 1.1.0)
      net-ssh (>= 2.2.1)
      net-ssh-gateway (~> 1.1.0)
      netaddr (~> 1.5.0)
      progressbar (~> 0.9.0)
      terminal-table (~> 1.4.3)
    bosh_cli_plugin_aws (1.5.0.pre.667)
      bosh_aws_cpi (~> 1.5.0.pre.667)
      bosh_cli (~> 1.5.0.pre.667)
      bosh_cli_plugin_micro (~> 1.5.0.pre.667)
    bosh_cli_plugin_micro (1.5.0.pre.667)
      agent_client (~> 1.5.0.pre.667)
      bosh_aws_cpi (~> 1.5.0.pre.667)
      bosh_cli (~> 1.5.0.pre.667)
      bosh_cpi (~> 1.5.0.pre.667)
      bosh_openstack_cpi (~> 1.5.0.pre.667)
      bosh_registry (~> 1.5.0.pre.667)
      bosh_vcloud_cpi (~> 1.5.0.pre.667)
      bosh_vsphere_cpi (~> 1.5.0.pre.667)
      sqlite3 (~> 1.3.7)
    bosh_common (1.5.0.pre.667)
    bosh_cpi (1.5.0.pre.667)
      bosh_common (~> 1.5.0.pre.667)
    bosh_openstack_cpi (1.5.0.pre.667)
      bosh_common (~> 1.5.0.pre.667)
      bosh_cpi (~> 1.5.0.pre.667)
      bosh_registry (~> 1.5.0.pre.667)
      fog (~> 1.11.1)
      httpclient (= 2.2.4)
      yajl-ruby (>= 0.8.2)
    bosh_registry (1.5.0.pre.667)
      aws-sdk (= 1.8.5)
      fog (~> 1.11.1)
      sequel (~> 3.43.0)
      sinatra (~> 1.4.2)
      thin (~> 1.5.0)
      yajl-ruby (~> 1.1.0)
    bosh_vcloud_cpi (1.5.0.pre.667)
      bosh_common (~> 1.5.0.pre.667)
      bosh_cpi (~> 1.5.0.pre.667)
      ruby_vcloud_sdk (~> 1.5.0.pre.667)
      yajl-ruby (>= 0.8.2)
    bosh_vsphere_cpi (1.5.0.pre.667)
      bosh_common (~> 1.5.0.pre.667)
      bosh_cpi (~> 1.5.0.pre.667)
      membrane (~> 0.0.2)
      ruby_vim_sdk (~> 1.5.0.pre.667)
      sequel (~> 3.43.0)
    builder (3.1.4)
    caldecott-client (0.0.2)
      multi_json (~> 1.3)
    cf (1.0.0)
      addressable (~> 2.2)
      caldecott-client (~> 0.0.2)
      cfoundry (>= 1.0.0, < 1.1)
      interact (~> 0.5)
      json_pure (~> 1.6)
      mothership (>= 0.5.1, < 1.0)
      multi_json (~> 1.3)
      rest-client (~> 1.6)
      uuidtools (~> 2.1)
    cf-uaa-lib (1.3.10)
      multi_json
    cfoundry (1.0.0)
      cf-uaa-lib (~> 1.3.10)
      multi_json (~> 1.3)
      multipart-post (~> 1.1)
      rubyzip (~> 0.9)
    columnize (0.3.6)
    daemons (1.1.9)
    debugger (1.6.0)
      columnize (>= 0.3.1)
      debugger-linecache (~> 1.2.0)
      debugger-ruby_core_source (~> 1.2.1)
    debugger-linecache (1.2.0)
    debugger-ruby_core_source (1.2.2)
    diff-lcs (1.2.4)
    eventmachine (1.0.3)
    excon (0.22.1)
    fakefs (0.4.2)
    fog (1.11.1)
      builder
      excon (~> 0.20)
      formatador (~> 0.2.0)
      json (~> 1.7)
      mime-types
      net-scp (~> 1.1)
      net-ssh (>= 2.1.3)
      nokogiri (~> 1.5.0)
      ruby-hmac
    formatador (0.2.4)
    haddock (0.2.2)
    highline (1.6.19)
    httpclient (2.2.4)
    interact (0.5.2)
    json (1.8.0)
    json_pure (1.7.7)
    log4r (1.1.10)
    membrane (0.0.2)
    mime-types (1.23)
    mothership (0.5.1)
    multi_json (1.7.3)
    multipart-post (1.2.0)
    net-scp (1.1.1)
      net-ssh (>= 2.6.5)
    net-ssh (2.6.7)
    net-ssh-gateway (1.1.2)
      net-ssh (>= 2.6.5)
    netaddr (1.5.0)
    nokogiri (1.5.6)
    progressbar (0.9.2)
    rack (1.5.2)
    rack-protection (1.5.0)
      rack
    rake (10.0.4)
    rest-client (1.6.7)
      mime-types (>= 1.16)
    rr (1.1.0)
    rspec (2.13.0)
      rspec-core (~> 2.13.0)
      rspec-expectations (~> 2.13.0)
      rspec-mocks (~> 2.13.0)
    rspec-core (2.13.1)
    rspec-expectations (2.13.0)
      diff-lcs (>= 1.1.3, < 2.0)
    rspec-mocks (2.13.1)
    ruby-atmos-pure (1.0.5)
      log4r (>= 1.1.9)
      ruby-hmac (>= 0.4.0)
    ruby-hmac (0.4.0)
    ruby_vcloud_sdk (1.5.0.pre.667)
      builder (~> 3.1.4)
      httpclient (= 2.2.4)
      nokogiri (= 1.5.6)
      rest-client (~> 1.6.7)
    ruby_vim_sdk (1.5.0.pre.667)
      builder (~> 3.1.4)
      httpclient (= 2.2.4)
      nokogiri (~> 1.5.6)
    rubyzip (0.9.9)
    sequel (3.43.0)
    sinatra (1.4.2)
      rack (~> 1.5, >= 1.5.2)
      rack-protection (~> 1.4)
      tilt (~> 1.3, >= 1.3.4)
    sqlite3 (1.3.7)
    terminal-table (1.4.5)
    thin (1.5.1)
      daemons (>= 1.0.9)
      eventmachine (>= 0.12.6)
      rack (>= 1.0.0)
    tilt (1.4.1)
    uuidtools (2.1.4)
    yajl-ruby (1.1.0)

PLATFORMS
  ruby

DEPENDENCIES
  bootstrap-cf-plugin!
  debugger
  fakefs
  rake
  rr
  rspec
